GEM
  remote: https://rubygems.org/
  specs:
    ffi (1.9.6)
    ffi-rzmq (2.0.1)
      ffi-rzmq-core (>= 1.0.1)
    ffi-rzmq-core (1.0.3)
      ffi (~> 1.9)
    mime-types (2.4.3)
    netrc (0.10.2)
    rack (1.6.0)
    rack-protection (1.5.3)
      rack
    rest-client (1.7.2)
      mime-types (>= 1.16, < 3.0)
      netrc (~> 0.7)
    sinatra (1.4.5)
      rack (~> 1.4)
      rack-protection (~> 1.4)
      tilt (~> 1.3, >= 1.3.4)
    tilt (1.4.1)

PLATFORMS
  ruby

DEPENDENCIES
  ffi-rzmq
  rest-client
  sinatra
